GEM
  remote: http://gemcutter.org/
  specs:
    abstract (1.0.0)
    actionmailer (3.0.0.beta)
      actionpack (= 3.0.0.beta)
      mail (~> 2.1.2)
      text-format (~> 1.0.0)
    actionpack (3.0.0.beta)
      activemodel (= 3.0.0.beta)
      activesupport (= 3.0.0.beta)
      erubis (~> 2.6.5)
      rack (~> 1.1.0)
      rack-mount (~> 0.4.0)
      rack-test (~> 0.5.0)
    activemodel (3.0.0.beta)
      activesupport (= 3.0.0.beta)
    activerecord (3.0.0.beta)
      activemodel (= 3.0.0.beta)
      activesupport (= 3.0.0.beta)
      arel (~> 0.2.0)
    activeresource (3.0.0.beta)
      activemodel (= 3.0.0.beta)
      activesupport (= 3.0.0.beta)
    activesupport (3.0.0.beta)
      builder (~> 2.1.2)
      i18n (~> 0.3.0)
      memcache-client (~> 1.7.5)
      tzinfo (~> 0.3.16)
    archive-tar-minitar (0.5.2)
    arel (0.2.1)
      activesupport (>= 3.0.0.beta)
    asin (0.0.8)
      crack (>= 0.1.0)
      hashie (>= 0.2.0)
      httpclient (>= 2.1.0)
    builder (2.1.2)
    coderay (0.9.3)
    columnize (0.3.1)
    configuration (1.1.0)
    crack (0.1.8)
    doc_raptor (0.1.2)
      httparty (>= 0.4.3)
    erubis (2.6.6)
      abstract (>= 1.0.0)
    haml (2.2.24)
    hashie (0.4.0)
    heroku (1.10.14)
      json_pure (>= 1.2.0, < 1.5.0)
      launchy (~> 0.3.2)
      rest-client (>= 1.4.0, < 1.7.0)
    hoe (2.6.2)
      rake (>= 0.8.7)
      rubyforge (>= 2.0.4)
    httparty (0.6.1)
      crack (= 0.1.8)
    httpclient (2.1.5.2)
    i18n (0.3.7)
    json_pure (1.4.6)
    launchy (0.3.7)
      configuration (>= 0.0.5)
      rake (>= 0.8.1)
    linecache19 (0.5.11)
      ruby_core_source (>= 0.1.4)
    mail (2.1.5.3)
      activesupport (>= 2.3.4)
      mime-types
      treetop (>= 1.4.5)
    memcache-client (1.7.8)
    mime-types (1.16)
    multi_json (0.0.4)
    oauth (0.4.3)
    polyglot (0.3.1)
    rack (1.1.0)
    rack-mount (0.4.7)
      rack (>= 1.0.0)
    rack-test (0.5.6)
      rack (>= 1.0)
    rails (3.0.0.beta)
      actionmailer (= 3.0.0.beta)
      actionpack (= 3.0.0.beta)
      activerecord (= 3.0.0.beta)
      activeresource (= 3.0.0.beta)
      activesupport (= 3.0.0.beta)
      bundler (>= 0.9.2)
      railties (= 3.0.0.beta)
    rails_redis_cache (0.0.3)
      activesupport (>= 3.0.0.beta)
      redis (>= 2.0.0)
    railties (3.0.0.beta)
      actionpack (= 3.0.0.beta)
      activesupport (= 3.0.0.beta)
      rake (>= 0.8.3)
      thor (~> 0.13)
    rake (0.8.7)
    redis (2.0.11)
    rest-client (1.6.1)
      mime-types (>= 1.16)
    ruby-debug-base19 (0.11.24)
      columnize (>= 0.3.1)
      linecache19 (>= 0.5.11)
      ruby_core_source (>= 0.1.4)
    ruby-debug19 (0.11.6)
      columnize (>= 0.3.1)
      linecache19 (>= 0.5.11)
      ruby-debug-base19 (>= 0.11.19)
    ruby_core_source (0.1.4)
      archive-tar-minitar (>= 0.5.2)
    rubyforge (2.0.4)
      json_pure (>= 1.1.7)
    test-unit (1.2.3)
      hoe (>= 1.5.1)
    text-format (1.0.0)
      text-hyphen (~> 1.0.0)
    text-hyphen (1.0.0)
    thor (0.14.3)
    treetop (1.4.8)
      polyglot (>= 0.3.1)
    twitter (0.9.12)
      hashie (~> 0.4.0)
      httparty (~> 0.6.1)
      multi_json (~> 0.0.4)
      oauth (~> 0.4.3)
    tzinfo (0.3.23)
    wirble (0.1.3)

PLATFORMS
  ruby

DEPENDENCIES
  asin (= 0.0.8)
  coderay (= 0.9.3)
  doc_raptor (= 0.1.2)
  haml (= 2.2.24)
  hashie (= 0.4.0)
  heroku (= 1.10.14)
  rails (= 3.0.0.beta)
  rails_redis_cache (= 0.0.3)
  ruby-debug19
  test-unit (= 1.2.3)
  twitter (= 0.9.12)
  wirble (= 0.1.3)
