GEM
  remote: http://rubygems.org/
  specs:
    actionmailer (3.1.1.rc3)
      actionpack (= 3.1.1.rc3)
      mail (~> 2.3.0)
    actionpack (3.1.1.rc3)
      activemodel (= 3.1.1.rc3)
      activesupport (= 3.1.1.rc3)
      builder (~> 3.0.0)
      erubis (~> 2.7.0)
      i18n (~> 0.6)
      rack (~> 1.3.2)
      rack-cache (~> 1.1)
      rack-mount (~> 0.8.2)
      rack-test (~> 0.6.1)
      sprockets (~> 2.0.2)
    activemodel (3.1.1.rc3)
      activesupport (= 3.1.1.rc3)
      builder (~> 3.0.0)
      i18n (~> 0.6)
    activerecord (3.1.1.rc3)
      activemodel (= 3.1.1.rc3)
      activesupport (= 3.1.1.rc3)
      arel (~> 2.2.1)
      tzinfo (~> 0.3.29)
    activeresource (3.1.1.rc3)
      activemodel (= 3.1.1.rc3)
      activesupport (= 3.1.1.rc3)
    activesupport (3.1.1.rc3)
      multi_json (~> 1.0)
    addressable (2.2.6)
    archive-tar-minitar (0.5.2)
    arel (2.2.1)
    asin (0.6.2)
      crack (~> 0.1.8)
      hashie (~> 1.0.0)
      httpi (~> 0.9.5)
    builder (3.0.0)
    coderay (0.9.8)
    coffee-rails (3.1.1)
      coffee-script (>= 2.2.0)
      railties (~> 3.1.0)
    coffee-script (2.2.0)
      coffee-script-source
      execjs
    coffee-script-source (1.1.2)
    columnize (0.3.4)
    crack (0.1.8)
    daemons (1.1.4)
    diff-lcs (1.1.3)
    erubis (2.7.0)
    eventmachine (0.12.10)
    execjs (1.2.9)
      multi_json (~> 1.0)
    faraday (0.6.1)
      addressable (~> 2.2.4)
      multipart-post (~> 1.1.0)
      rack (< 2, >= 1.1.0)
    faraday_middleware (0.6.5)
      faraday (~> 0.6.0)
    foreman (0.19.0)
      term-ansicolor (~> 1.0.5)
      thor (>= 0.13.6)
    haml (3.1.3)
    hashie (1.0.0)
    heroku (2.8.5)
      launchy (>= 0.3.2)
      rest-client (~> 1.6.1)
      rubyzip
      term-ansicolor (~> 1.0.5)
    hike (1.2.1)
    httpclient (2.2.0.2)
    httpi (0.9.5)
      rack
    i18n (0.6.0)
    jquery-rails (1.0.14)
      railties (~> 3.0)
      thor (~> 0.14)
    launchy (2.0.5)
      addressable (~> 2.2.6)
    linecache19 (0.5.12)
      ruby_core_source (>= 0.1.4)
    mail (2.3.0)
      i18n (>= 0.4.0)
      mime-types (~> 1.16)
      treetop (~> 1.4.8)
    mime-types (1.16)
    multi_json (1.0.3)
    multi_xml (0.2.2)
    multipart-post (1.1.3)
    polyglot (0.3.2)
    rack (1.3.3)
    rack-cache (1.1)
      rack (>= 0.4)
    rack-mount (0.8.3)
      rack (>= 1.0.0)
    rack-ssl (1.3.2)
      rack
    rack-test (0.6.1)
      rack (>= 1.0)
    rails (3.1.1.rc3)
      actionmailer (= 3.1.1.rc3)
      actionpack (= 3.1.1.rc3)
      activerecord (= 3.1.1.rc3)
      activeresource (= 3.1.1.rc3)
      activesupport (= 3.1.1.rc3)
      bundler (~> 1.0)
      railties (= 3.1.1.rc3)
    rails_autolink (1.0.4)
      rails (>= 3.1.0)
    rails_redis_cache (0.1.0)
      activesupport (~> 3.1.0.rc5)
      i18n (~> 0.6.0)
      redis (~> 2.0.0)
    railties (3.1.1.rc3)
      actionpack (= 3.1.1.rc3)
      activesupport (= 3.1.1.rc3)
      rack-ssl (~> 1.3.2)
      rake (>= 0.8.7)
      rdoc (~> 3.4)
      thor (~> 0.14.6)
    rake (0.9.2)
    rash (0.3.0)
      hashie (~> 1.0.0)
    rdoc (3.9.4)
    redis (2.0.13)
    rest-client (1.6.7)
      mime-types (>= 1.16)
    rspec (2.6.0)
      rspec-core (~> 2.6.0)
      rspec-expectations (~> 2.6.0)
      rspec-mocks (~> 2.6.0)
    rspec-core (2.6.4)
    rspec-expectations (2.6.0)
      diff-lcs (~> 1.1.2)
    rspec-mocks (2.6.0)
    rspec-rails (2.6.1)
      actionpack (~> 3.0)
      activesupport (~> 3.0)
      railties (~> 3.0)
      rspec (~> 2.6.0)
    ruby-debug-base19 (0.11.25)
      columnize (>= 0.3.1)
      linecache19 (>= 0.5.11)
      ruby_core_source (>= 0.1.4)
    ruby-debug19 (0.11.6)
      columnize (>= 0.3.1)
      linecache19 (>= 0.5.11)
      ruby-debug-base19 (>= 0.11.19)
    ruby_core_source (0.1.5)
      archive-tar-minitar (>= 0.5.2)
    rubyzip (0.9.4)
    sass (3.1.8)
    sass-rails (3.1.4)
      actionpack (~> 3.1.0)
      railties (~> 3.1.0)
      sass (>= 3.1.4)
      sprockets (~> 2.0.0)
      tilt (~> 1.3.2)
    simple_oauth (0.1.5)
    sprockets (2.0.2)
      hike (~> 1.2)
      rack (~> 1.0)
      tilt (!= 1.3.0, ~> 1.1)
    term-ansicolor (1.0.6)
    thin (1.2.11)
      daemons (>= 1.0.9)
      eventmachine (>= 0.12.6)
      rack (>= 1.0.0)
    thor (0.14.6)
    tilt (1.3.3)
    treetop (1.4.10)
      polyglot
      polyglot (>= 0.3.1)
    twitter (1.4.1)
      faraday (~> 0.6.1)
      faraday_middleware (~> 0.6.3)
      hashie (~> 1.0.0)
      multi_json (~> 1.0.0)
      multi_xml (~> 0.2.0)
      rash (~> 0.3.0)
      simple_oauth (~> 0.1.4)
    tzinfo (0.3.30)
    uglifier (1.0.3)
      execjs (>= 0.3.0)
      multi_json (>= 1.0.2)
    wirble (0.1.3)

PLATFORMS
  ruby

DEPENDENCIES
  asin (~> 0.6.1)
  coderay (~> 0.9.8)
  coffee-rails (~> 3.1.0)
  foreman (~> 0.19.0)
  haml (~> 3.1.2)
  heroku
  httpclient (~> 2.2.0.2)
  jquery-rails
  rack (= 1.3.3)
  rails (= 3.1.1.rc3)
  rails_autolink (~> 1.0.2)
  rails_redis_cache (~> 0.1.0)
  rspec (~> 2.6.0)
  rspec-rails (~> 2.6.0)
  ruby-debug19
  sass-rails (~> 3.1.0)
  thin (~> 1.2.11)
  twitter (~> 1.4.1)
  uglifier
  wirble
